GEM
  remote: https://rubygems.org/
  specs:
    rbczmq (1.7.8)

PLATFORMS
  ruby

DEPENDENCIES
  rbczmq
