GEM
  remote: https://rubygems.org/
  specs:
    ffi (1.9.6)
    ffi-rzmq (2.0.4)
      ffi-rzmq-core (>= 1.0.1)
    ffi-rzmq-core (1.0.3)
      ffi (~> 1.9)

PLATFORMS
  ruby

DEPENDENCIES
  ffi-rzmq
